GEM
  remote: https://rubygems.org/
  specs:
    activemodel (4.2.11.3)
      activesupport (= 4.2.11.3)
      builder (~> 3.1)
    activerecord (4.2.11.3)
      activemodel (= 4.2.11.3)
      activesupport (= 4.2.11.3)
      arel (~> 6.0)
    activesupport (4.2.11.3)
      i18n (~> 0.7)
      minitest (~> 5.1)
      thread_safe (~> 0.3, >= 0.3.4)
      tzinfo (~> 1.1)
    arel (6.0.4)
    base64 (0.2.0)
    bigdecimal (1.3.5)
    builder (3.3.0)
    concurrent-ruby (1.3.4)
    i18n (0.9.5)
      concurrent-ruby (~> 1.0)
    minitest (5.25.1)
    pg (0.21.0)
    prometheus-client (4.2.3)
      base64
    rack (1.6.13)
    rack-protection (1.5.5)
      rack
    rake (13.2.1)
    sinatra (1.4.8)
      rack (~> 1.5)
      rack-protection (~> 1.4)
      tilt (>= 1.3, < 3)
    sinatra-activerecord (2.0.27)
      activerecord (>= 4.1)
      sinatra (>= 1.0)
    thread_safe (0.3.6)
    tilt (2.4.0)
    tzinfo (1.2.11)
      thread_safe (~> 0.1)

PLATFORMS
  ruby

DEPENDENCIES
  activerecord
  bigdecimal
  pg (~> 0.15)
  prometheus-client
  rake
  sinatra
  sinatra-activerecord (~> 2.0)

BUNDLED WITH
   2.1.4
