GEM
  remote: https://rubygems.org/
  specs:
    base64 (0.2.0)
    domain_name (0.6.20240107)
    http-accept (1.7.0)
    http-cookie (1.0.8)
      domain_name (~> 0.5)
    jwt (2.9.3)
      base64
    logger (1.6.4)
    mime-types (3.6.0)
      logger
      mime-types-data (~> 3.2015)
    mime-types-data (3.2024.1203)
    netrc (0.11.0)
    prometheus-client (4.2.3)
      base64
    rack (1.6.13)
    rack-protection (1.5.5)
      rack
    rake (13.2.1)
    rest-client (2.1.0)
      http-accept (>= 1.7.0, < 2.0)
      http-cookie (>= 1.0.2, < 2.0)
      mime-types (>= 1.16, < 4.0)
      netrc (~> 0.8)
    sinatra (1.4.8)
      rack (~> 1.5)
      rack-protection (~> 1.4)
      tilt (>= 1.3, < 3)
    tilt (2.4.0)

PLATFORMS
  ruby

DEPENDENCIES
  jwt
  prometheus-client
  rake
  rest-client
  sinatra

BUNDLED WITH
   2.1.4
